GEM
  remote: http://rubygems.org/
  specs:
    rack (1.4.4)
    rack-test (0.6.2)
      rack (>= 1.0)
    shotgun (0.9)
      rack (>= 1.0)
    sinatra (0.9.4)
      rack (>= 0.9.1)
      rack-test (>= 0.3.0)
      shotgun (>= 0.2, < 1.0)

PLATFORMS
  ruby

DEPENDENCIES
  sinatra (= 0.9.4)
